GEM
  remote: https://rubygems.org/
  specs:
    mother (0.2.0)

PLATFORMS
  ruby

DEPENDENCIES
  mother

BUNDLED WITH
   2.0.1
